GIT
  remote: git://github.com/opal/opal-jquery.git
  revision: a0530019344d30614b89b2af7549e7f68a6f878f
  specs:
    opal-jquery (0.1.2)
      opal (>= 0.5.0, < 1.0.0)

GIT
  remote: git://github.com/opal/opal.git
  revision: a7738193db16a89da86d3959ecdbd4af2b854060
  specs:
    opal (0.6.0)
      source_map
      sprockets

GIT
  remote: git://github.com/opal/vienna.git
  revision: d2e853dd6b4f0cb10174fca0e0d7b2888f780caa
  specs:
    vienna (0.0.2)
      opal (>= 0.5.0, < 0.7.0)
      opal-activesupport
      opal-jquery

GEM
  remote: https://rubygems.org/
  specs:
    haml (4.0.4)
      tilt
    hike (1.2.3)
    json (1.8.1)
    multi_json (1.8.2)
    opal-activesupport (0.0.5)
      opal
    opal-haml (0.2.0)
      haml
      opal (>= 0.5.0, < 1.0.0)
    rack (1.5.2)
    source_map (3.0.1)
      json
    sprockets (2.10.1)
      hike (~> 1.2)
      multi_json (~> 1.0)
      rack (~> 1.0)
      tilt (~> 1.1, != 1.3.0)
    tilt (1.4.1)

PLATFORMS
  x86-mingw32

DEPENDENCIES
  opal!
  opal-haml
  opal-jquery!
  vienna!
